GIT
  remote: https://github.com/HCK-CI/rtoolsHCK.git
  revision: cbeacfc770a925a8d10c8eaeba4440950b00aa71
  tag: v0.3.4
  specs:
    rtoolsHCK (0.3.4)
      bundler
      rdoc
      winrm (= 2.3.4)
      winrm-fs (= 1.3.4)

GEM
  remote: https://rubygems.org/
  specs:
    activesupport (7.0.7.2)
      concurrent-ruby (~> 1.0, >= 1.0.2)
      i18n (>= 1.6, < 2)
      minitest (>= 5.1)
      tzinfo (~> 2.0)
    addressable (2.8.4)
      public_suffix (>= 2.0.2, < 6.0)
    ast (2.4.2)
    base64 (0.1.1)
    builder (3.2.4)
    code-scanning-rubocop (0.6.1)
      rubocop (~> 1.0)
    concurrent-ruby (1.2.2)
    curb (1.0.5)
    diff-lcs (1.5.0)
    dotenv (2.8.1)
    dropbox_api (0.1.21)
      faraday (< 3.0)
      oauth2 (~> 1.1)
    erubi (1.12.0)
    faraday (2.7.4)
      faraday-net_http (>= 2.0, < 3.1)
      ruby2_keywords (>= 0.0.4)
    faraday-net_http (3.0.2)
    ffi (1.15.5)
    filelock (1.1.1)
    gssapi (1.3.1)
      ffi (>= 1.0.1)
    gyoku (1.4.0)
      builder (>= 2.1.2)
      rexml (~> 3.0)
    httpclient (2.8.3)
    i18n (1.14.1)
      concurrent-ruby (~> 1.0)
    json (2.6.3)
    jwt (2.2.3)
    language_server-protocol (3.17.0.3)
    little-plugger (1.1.4)
    logging (2.3.1)
      little-plugger (~> 1.1)
      multi_json (~> 1.14)
    mini_portile2 (2.8.2)
    minitest (5.19.0)
    mono_logger (1.1.2)
    multi_json (1.15.0)
    multi_xml (0.6.0)
    nori (2.6.0)
    oauth2 (1.4.11)
      faraday (>= 0.17.3, < 3.0)
      jwt (>= 1.0, < 3.0)
      multi_json (~> 1.3)
      multi_xml (~> 0.5)
      rack (>= 1.2, < 4)
    octokit (6.1.1)
      faraday (>= 1, < 3)
      sawyer (~> 0.9)
    openssl (3.1.0)
    parallel (1.23.0)
    parser (3.2.2.3)
      ast (~> 2.4.1)
      racc
    psych (5.1.0)
      stringio
    public_suffix (5.0.1)
    racc (1.7.1)
    rack (3.0.6.1)
    rainbow (3.1.1)
    rdoc (6.5.0)
      psych (>= 4.0.0)
    regexp_parser (2.8.1)
    rexml (3.2.6)
    rspec (3.12.0)
      rspec-core (~> 3.12.0)
      rspec-expectations (~> 3.12.0)
      rspec-mocks (~> 3.12.0)
    rspec-core (3.12.1)
      rspec-support (~> 3.12.0)
    rspec-expectations (3.12.2)
      diff-lcs (>= 1.2.0, < 2.0)
      rspec-support (~> 3.12.0)
    rspec-mocks (3.12.3)
      diff-lcs (>= 1.2.0, < 2.0)
      rspec-support (~> 3.12.0)
    rspec-support (3.12.0)
    rspec_junit_formatter (0.6.0)
      rspec-core (>= 2, < 4, != 2.12.0)
    rubocop (1.56.0)
      base64 (~> 0.1.1)
      json (~> 2.3)
      language_server-protocol (>= 3.17.0)
      parallel (~> 1.10)
      parser (>= 3.2.2.3)
      rainbow (>= 2.2.2, < 4.0)
      regexp_parser (>= 1.8, < 3.0)
      rexml (>= 3.2.5, < 4.0)
      rubocop-ast (>= 1.28.1, < 2.0)
      ruby-progressbar (~> 1.7)
      unicode-display_width (>= 2.4.0, < 3.0)
    rubocop-ast (1.29.0)
      parser (>= 3.2.1.0)
    ruby-progressbar (1.13.0)
    ruby2_keywords (0.0.5)
    rubyntlm (0.6.3)
    rubyzip (2.3.2)
    sawyer (0.9.2)
      addressable (>= 2.3.5)
      faraday (>= 0.17.3, < 3)
    sentry-ruby (4.7.1)
      concurrent-ruby (~> 1.0, >= 1.0.2)
      faraday (>= 1.0)
      sentry-ruby-core (= 4.7.1)
    sentry-ruby-core (4.7.1)
      concurrent-ruby
      faraday
    sqlite3 (1.6.3)
      mini_portile2 (~> 2.8.0)
    stringio (3.0.6)
    tzinfo (2.0.6)
      concurrent-ruby (~> 1.0)
    unicode-display_width (2.4.2)
    winrm (2.3.4)
      builder (>= 2.1.2)
      erubi (~> 1.8)
      gssapi (~> 1.2)
      gyoku (~> 1.0)
      httpclient (~> 2.2, >= 2.2.0.2)
      logging (>= 1.6.1, < 3.0)
      nori (~> 2.0)
      rubyntlm (~> 0.6.0, >= 0.6.1)
    winrm-fs (1.3.4)
      erubi (~> 1.8)
      logging (>= 1.6.1, < 3.0)
      rubyzip (~> 2.0)
      winrm (~> 2.0)

PLATFORMS
  ruby

DEPENDENCIES
  activesupport
  code-scanning-rubocop
  curb
  dotenv
  dropbox_api
  filelock
  mono_logger
  octokit
  openssl
  rspec
  rspec_junit_formatter
  rtoolsHCK!
  rubocop
  rubyzip
  sentry-ruby
  sqlite3

RUBY VERSION
   ruby 2.7.0p0

BUNDLED WITH
   2.2.15
